PATH
  remote: .
  specs:
    sigar (0.7.4)

GEM
  remote: https://rubygems.org/
  specs:
    diff-lcs (1.3)
    power_assert (1.0.2)
    rake (12.0.0)
    rspec (3.6.0)
      rspec-core (~> 3.6.0)
      rspec-expectations (~> 3.6.0)
      rspec-mocks (~> 3.6.0)
    rspec-core (3.6.0)
      rspec-support (~> 3.6.0)
    rspec-expectations (3.6.0)
      diff-lcs (>= 1.2.0, < 2.0)
      rspec-support (~> 3.6.0)
    rspec-mocks (3.6.0)
      diff-lcs (>= 1.2.0, < 2.0)
      rspec-support (~> 3.6.0)
    rspec-support (3.6.0)
    test-unit (3.2.5)
      power_assert

PLATFORMS
  ruby

DEPENDENCIES
  bundler (>= 1.5)
  rake (>= 10.1)
  rspec (>= 2.14)
  sigar!
  test-unit (>= 3.2.5)

BUNDLED WITH
   1.14.6
